GEM
  remote: https://rubygems.org/
  specs:
    commander (4.1.2)
      highline (~> 1.6.11)
    highline (1.6.15)
    httparty (0.9.0)
      multi_json (~> 1.0)
      multi_xml
    multi_json (1.3.7)
    multi_xml (0.5.1)

PLATFORMS
  ruby

DEPENDENCIES
  commander
  httparty
